GEM
  remote: http://rubygems.org/
  specs:
    chunky_png (1.1.0)
    compass (0.11.beta.5)
      chunky_png (~> 1.1.0)
      sass (>= 3.1.0.alpha.249)
    rack (1.2.2)
    sass (3.1.0.alpha.252)
    sinatra (1.2.1)
      rack (~> 1.1)
      tilt (>= 1.2.2, < 2.0)
    tilt (1.2.2)

PLATFORMS
  ruby

DEPENDENCIES
  compass (~> 0.11.beta)
  sinatra (~> 1.0)
